GEM
  remote: https://rubygems.org/
  specs:
    backports (3.6.6)
    berlin-ai (0.0.39)
      rainbow (~> 1.1.4)
      ruby-terminfo
      sinatra (= 1.4.3)
      sinatra-contrib (= 1.4.1)
      thin (= 1.5.1)
      yajl-ruby (= 1.1.0)
    byebug (8.0.0)
    coderay (1.1.0)
    daemons (1.2.3)
    eventmachine (1.0.8)
    method_source (0.8.2)
    multi_json (1.11.2)
    pry (0.10.3)
      coderay (~> 1.1.0)
      method_source (~> 0.8.1)
      slop (~> 3.4)
    pry-byebug (3.3.0)
      byebug (~> 8.0)
      pry (~> 0.10)
    rack (1.6.4)
    rack-protection (1.5.3)
      rack
    rack-test (0.6.3)
      rack (>= 1.0)
    rainbow (1.1.4)
    ruby-terminfo (0.1.1)
    sinatra (1.4.3)
      rack (~> 1.4)
      rack-protection (~> 1.4)
      tilt (~> 1.3, >= 1.3.4)
    sinatra-contrib (1.4.1)
      backports (>= 2.0)
      multi_json
      rack-protection
      rack-test
      sinatra (~> 1.4.0)
      tilt (~> 1.3)
    slop (3.6.0)
    thin (1.5.1)
      daemons (>= 1.0.9)
      eventmachine (>= 0.12.6)
      rack (>= 1.0.0)
    tilt (1.4.1)
    yajl-ruby (1.1.0)

PLATFORMS
  ruby

DEPENDENCIES
  berlin-ai
  pry-byebug
